GEM
  remote: https://rubygems.org/
  specs:
    addressable (2.3.6)
    amatch (0.3.0)
      tins (~> 1.0)
    builder (3.2.2)
    faraday (0.9.0)
      multipart-post (>= 1.2, < 3)
    multipart-post (2.0.0)
    octokit (3.5.2)
      sawyer (~> 0.5.3)
    redis (3.1.0)
    sawyer (0.5.5)
      addressable (~> 2.3.5)
      faraday (~> 0.8, < 0.10)
    tins (1.3.3)

PLATFORMS
  ruby

DEPENDENCIES
  amatch (~> 0.3.0)
  builder (~> 3.2.2)
  octokit (~> 3.5.2)
  redis (~> 3.1.0)
